PATH
  remote: .
  specs:
    gt (0.0.1)
      dbc
      gli (= 2.18.0)

GEM
  remote: https://rubygems.org/
  specs:
    dbc (2.0.0)
    gli (2.18.0)
    minitest (5.11.3)
    rake (12.3.1)

PLATFORMS
  ruby
  x64-mingw32

DEPENDENCIES
  dbc
  gt!
  minitest (~> 5)
  rake

BUNDLED WITH
   1.17.2
